GEM
  remote: https://rubygems.org/
  specs:
    addressable (2.8.4)
      public_suffix (>= 2.0.2, < 6.0)
    ansi (1.5.0)
    ast (2.4.2)
    bcl (0.7.1)
      builder (= 3.2.4)
      faraday (~> 1.0.1)
      minitar (~> 0.9)
      openstudio_measure_tester (~> 0.3.1)
      rexml (= 3.2.5)
      rubyzip (~> 2.3.2)
      spreadsheet (= 1.2.9)
      uuid (~> 2.3.9)
      yamler (= 0.1.0)
      zliby (= 0.0.5)
    builder (3.2.4)
    dencity (0.1.0)
      faraday
      faraday_middleware
      hashie
      multi_json
      parallel
    docile (1.4.0)
    faraday (1.0.1)
      multipart-post (>= 1.2, < 3)
    faraday_middleware (1.2.0)
      faraday (~> 1.0)
    git (1.12.0)
      addressable (~> 2.8)
      rchardet (~> 1.8)
    hashie (5.0.0)
    macaddr (1.7.2)
      systemu (~> 2.6.5)
    mini_portile2 (2.8.2)
    minitar (0.9)
    minitest (5.14.4)
    minitest-reporters (1.4.3)
      ansi
      builder
      minitest (>= 5.0)
      ruby-progressbar
    multi_json (1.15.0)
    multipart-post (2.3.0)
    nokogiri (1.14.3)
      mini_portile2 (~> 2.8.0)
      racc (~> 1.4)
    openstudio-analysis (1.3.3)
      bcl (~> 0.7.0)
      dencity (~> 0.1.0)
      faraday (~> 1.0.1)
      roo (~> 2.8.3)
      rubyzip (~> 2.3.0)
      semantic (~> 1.4)
    openstudio_measure_tester (0.3.2)
      git (~> 1.12.0)
      minitest (~> 5.14.0)
      minitest-reporters (~> 1.4.2)
      rake (~> 13.0)
      rubocop (~> 1.15.0)
      rubocop-checkstyle_formatter (~> 0.4.0)
      rubocop-performance (~> 1.11.3)
      simplecov (~> 0.18.2)
    parallel (1.23.0)
    parser (3.2.2.1)
      ast (~> 2.4.1)
    public_suffix (5.0.1)
    racc (1.6.2)
    rainbow (3.1.1)
    rake (13.0.6)
    rchardet (1.8.0)
    regexp_parser (2.8.0)
    rexml (3.2.5)
    roo (2.8.3)
      nokogiri (~> 1)
      rubyzip (>= 1.3.0, < 3.0.0)
    rubocop (1.15.0)
      parallel (~> 1.10)
      parser (>= 3.0.0.0)
      rainbow (>= 2.2.2, < 4.0)
      regexp_parser (>= 1.8, < 3.0)
      rexml
      rubocop-ast (>= 1.5.0, < 2.0)
      ruby-progressbar (~> 1.7)
      unicode-display_width (>= 1.4.0, < 3.0)
    rubocop-ast (1.28.1)
      parser (>= 3.2.1.0)
    rubocop-checkstyle_formatter (0.4.0)
      rubocop (>= 0.35.1)
    rubocop-performance (1.11.5)
      rubocop (>= 1.7.0, < 2.0)
      rubocop-ast (>= 0.4.0)
    ruby-ole (1.2.12.2)
    ruby-progressbar (1.13.0)
    rubyzip (2.3.2)
    semantic (1.6.1)
    simplecov (0.18.5)
      docile (~> 1.1)
      simplecov-html (~> 0.11)
    simplecov-html (0.12.3)
    spreadsheet (1.2.9)
      ruby-ole
    systemu (2.6.5)
    unicode-display_width (2.4.2)
    uuid (2.3.9)
      macaddr (~> 1.0)
    yamler (0.1.0)
    zliby (0.0.5)

PLATFORMS
  ruby

DEPENDENCIES
  openstudio-analysis (= 1.3.3)

BUNDLED WITH
   2.1.4
